GIT
  remote: https://github.com/gjtorikian/mathematical.git
  revision: 2f8a046952b2da82799cd63ea79fe76cc9dbfdb1
  branch: main
  submodules: true
  specs:
    mathematical (1.6.14)
      ruby-enum (~> 0.4)

GIT
  remote: https://github.com/shardlab/discordrb.git
  revision: 984826cbc1378620f63dc83958734bbd3926b9f2
  branch: main
  specs:
    discordrb (3.4.2)
      discordrb-webhooks (~> 3.4.2)
      ffi (>= 1.9.24)
      opus-ruby
      rest-client (>= 2.0.0)
      websocket-client-simple (>= 0.3.0)
    discordrb-webhooks (3.4.2)
      rest-client (>= 2.0.0)

GEM
  remote: https://rubygems.org/
  specs:
    climate_control (0.2.0)
    concurrent-ruby (1.2.2)
    domain_name (0.5.20190701)
      unf (>= 0.0.5, < 1.0.0)
    event_emitter (0.2.6)
    ffi (1.15.5)
    http-accept (1.7.0)
    http-cookie (1.0.5)
      domain_name (~> 0.5)
    i18n (1.14.1)
      concurrent-ruby (~> 1.0)
    mime-types (3.4.1)
      mime-types-data (~> 3.2015)
    mime-types-data (3.2023.0218.1)
    netrc (0.11.0)
    opus-ruby (1.0.1)
      ffi
    pkg-config (1.5.2)
    rest-client (2.1.0)
      http-accept (>= 1.7.0, < 2.0)
      http-cookie (>= 1.0.2, < 2.0)
      mime-types (>= 1.16, < 4.0)
      netrc (~> 0.8)
    rmagick (5.2.0)
      pkg-config (~> 1.4)
    ruby-enum (0.9.0)
      i18n
    terrapin (0.6.0)
      climate_control (>= 0.0.3, < 1.0)
    unf (0.1.4)
      unf_ext
    unf_ext (0.0.8.2)
    websocket (1.2.9)
    websocket-client-simple (0.6.1)
      event_emitter
      websocket
    yaml (0.2.1)
    yt_dlp (0.2.0)
      terrapin (~> 0)

PLATFORMS
  x86_64-linux

DEPENDENCIES
  discordrb!
  mathematical!
  rmagick
  yaml
  yt_dlp

BUNDLED WITH
   2.4.14
